GEM
  remote: https://rubygems.org/
  specs:
    cuba (3.4.0)
      rack
    rack (1.6.0)
    rack-protection (1.5.3)
      rack
    rack_csrf (2.5.0)
      rack (>= 1.1.0)
    ruby-ole (1.2.11.8)
    sequel (4.21.0)
    spreadsheet (1.0.3)
      ruby-ole (>= 1.0)
    sqlite3 (1.3.10)
    tilt (2.0.1)

PLATFORMS
  java
  ruby

DEPENDENCIES
  cuba
  rack-protection
  rack_csrf
  sequel
  spreadsheet
  sqlite3
  tilt
