GEM
  remote: https://rubygems.org/
  specs:
    axlsx (2.0.1)
      htmlentities (~> 4.3.1)
      nokogiri (>= 1.4.1)
      rubyzip (~> 1.0.0)
    capistrano (3.4.0)
      i18n
      rake (>= 10.0.0)
      sshkit (~> 1.3)
    capistrano-bundler (1.1.4)
      capistrano (~> 3.1)
      sshkit (~> 1.2)
    capistrano-rvm (0.1.2)
      capistrano (~> 3.0)
      sshkit (~> 1.2)
    colorize (0.7.5)
    cuba (3.4.0)
      rack
    daemons (1.2.2)
    eventmachine (1.0.7)
    eventmachine (1.0.7-java)
    htmlentities (4.3.3)
    i18n (0.7.0)
    mini_portile (0.6.2)
    net-scp (1.2.1)
      net-ssh (>= 2.6.5)
    net-ssh (2.9.2)
    nokogiri (1.6.6.2)
      mini_portile (~> 0.6.0)
    nokogiri (1.6.6.2-java)
    rack (1.6.0)
    rack-protection (1.5.3)
      rack
    rack_csrf (2.5.0)
      rack (>= 1.1.0)
    rake (10.4.2)
    ruby-ole (1.2.11.8)
    rubyzip (1.0.0)
    sequel (4.21.0)
    spreadsheet (1.0.3)
      ruby-ole (>= 1.0)
    sqlite3 (1.3.10)
    sshkit (1.7.1)
      colorize (>= 0.7.0)
      net-scp (>= 1.1.2)
      net-ssh (>= 2.8.0)
    thin (1.6.3)
      daemons (~> 1.0, >= 1.0.9)
      eventmachine (~> 1.0)
      rack (~> 1.0)
    tilt (2.0.1)

PLATFORMS
  java
  ruby

DEPENDENCIES
  axlsx
  capistrano (~> 3.4.0)
  capistrano-bundler
  capistrano-rvm
  cuba
  rack-protection
  rack_csrf
  sequel
  spreadsheet
  sqlite3
  thin
  tilt
